GEM
  remote: https://rubygems.org/
  specs:
    kramdown (1.12.0)

PLATFORMS
  ruby

DEPENDENCIES
  kramdown

BUNDLED WITH
   1.12.5
